GEM
  remote: https://rubygems.org/
  specs:
    mini_magick (4.3.6)

PLATFORMS
  ruby

DEPENDENCIES
  mini_magick

BUNDLED WITH
   1.10.6
